PATH
  remote: /Users/joelj/Projects/mysql2
  specs:
    mysql2 (0.3.12b6)

GEM
  remote: http://rubygems.org/
  specs:
    eventmachine (1.0.3)

PLATFORMS
  ruby

DEPENDENCIES
  eventmachine
  mysql2!
